GEM
  remote: https://rubygems.org/
  specs:
    aws (2.10.2)
      http_connection
      uuidtools
      xml-simple
    coderay (1.1.1)
    geocoder (1.3.1)
    http_connection (1.4.4)
    httparty (0.13.7)
      json (~> 1.8)
      multi_xml (>= 0.5.2)
    json (1.8.3)
    method_source (0.8.2)
    multi_xml (0.5.5)
    pry (0.10.3)
      coderay (~> 1.1.0)
      method_source (~> 0.8.1)
      slop (~> 3.4)
    slop (3.6.0)
    uuidtools (2.1.5)
    ward-chicago (0.1.1)
      geocoder
      httparty
    xml-simple (1.1.5)

PLATFORMS
  ruby

DEPENDENCIES
  aws
  pry
  ward-chicago

BUNDLED WITH
   1.10.6
